GEM
  remote: https://rubygems.org/
  specs:
    mini_portile (0.5.2)
    nokogiri (1.6.1)
      mini_portile (~> 0.5.0)
    rubyzip (1.1.3)

PLATFORMS
  ruby

DEPENDENCIES
  nokogiri
  rubyzip
